GEM
  remote: https://rubygems.org/
  specs:
    binding_of_caller (0.6.8)
    coderay (1.0.8)
    coolline (0.3.0)
    io-console (0.3)
    json (1.7.5)
    method_source (0.8)
    pry (0.9.10)
      coderay (~> 1.0.5)
      method_source (~> 0.8)
      slop (~> 3.3.1)
    pry-coolline (0.1.5)
      coolline (~> 0.3)
      io-console (~> 0.3.0)
    pry-exception_explorer (0.2.3)
      pry-stack_explorer (>= 0.4.6)
    pry-nav (0.2.2)
      pry (~> 0.9.10)
    pry-stack_explorer (0.4.7)
      binding_of_caller (~> 0.6.8)
    pry-theme (0.1.3)
      json
    slop (3.3.3)

PLATFORMS
  ruby

DEPENDENCIES
  pry
  pry-coolline
  pry-exception_explorer
  pry-nav
  pry-stack_explorer
  pry-theme
